GEM
  remote: https://rubygems.org/
  specs:
    coderay (1.1.3)
    daemons (1.4.1)
    eventmachine (1.2.7)
    foreman (0.87.2)
    httparty (0.21.0)
      mini_mime (>= 1.0.0)
      multi_xml (>= 0.5.2)
    kgio (2.11.4)
    memoist (0.16.2)
    method_source (1.0.0)
    mini_mime (1.1.5)
    multi_xml (0.6.0)
    oj (3.16.1)
    pry (0.14.2)
      coderay (~> 1.1)
      method_source (~> 1.0)
    rack (1.6.13)
    rack-protection (1.5.5)
      rack
    raindrops (0.20.1)
    rake (13.0.6)
    sinatra (1.4.8)
      rack (~> 1.5)
      rack-protection (~> 1.4)
      tilt (>= 1.3, < 3)
    sinatra-cross_origin (0.3.2)
    sinatra-session (1.0.0)
      sinatra (>= 1.0)
    slim (5.1.1)
      temple (~> 0.10.0)
      tilt (>= 2.1.0)
    temple (0.10.3)
    thin (1.8.2)
      daemons (~> 1.0, >= 1.0.9)
      eventmachine (~> 1.0, >= 1.0.4)
      rack (>= 1, < 3)
    tilt (2.3.0)
    unicorn (6.1.0)
      kgio (~> 2.6)
      raindrops (~> 0.7)

PLATFORMS
  ruby

DEPENDENCIES
  foreman
  httparty
  memoist
  oj
  pry
  rack (~> 1.6.0)
  rack-protection (~> 1.5.5)
  rake
  sinatra (~> 1.4.5)
  sinatra-cross_origin (~> 0.3.1)
  sinatra-session
  slim
  thin
  unicorn

RUBY VERSION
   ruby 3.0.2p107

BUNDLED WITH
   2.3.5
